GIT
  remote: https://github.com/rubyredrick/ri_cal.git
  revision: 369a4eecb22251a7e71fa127aa023b7a305a5b60
  specs:
    ri_cal (0.8.8)

GEM
  remote: http://rubygems.org/
  specs:
    actionmailer (2.3.8)
      actionpack (= 2.3.8)
    actionpack (2.3.8)
      activesupport (= 2.3.8)
      rack (~> 1.1.0)
    activerecord (2.3.8)
      activesupport (= 2.3.8)
    activeresource (2.3.8)
      activesupport (= 2.3.8)
    activesupport (2.3.8)
    chronic (0.3.0)
    factory_girl (1.2.1)
    has_scope (0.4.2)
    mocha (0.9.7)
      rake
    mysql (2.8.1)
    rack (1.1.3)
    rack-openid (1.1.1)
      rack (>= 0.4)
      ruby-openid (>= 2.0.3)
    rails (2.3.8)
      actionmailer (= 2.3.8)
      actionpack (= 2.3.8)
      activerecord (= 2.3.8)
      activeresource (= 2.3.8)
      activesupport (= 2.3.8)
      rake (>= 0.8.3)
    rake (0.9.2.2)
    ruby-openid (2.1.7)
    ruby-openid-apps-discovery (1.2.0)
      ruby-openid (>= 2.1.7)
    scope-builder (0.1.2)
    shoulda (2.10.2)
    test-unit (2.5.1)

PLATFORMS
  ruby

DEPENDENCIES
  chronic (= 0.3.0)
  factory_girl (= 1.2.1)
  has_scope (= 0.4.2)
  mocha (= 0.9.7)
  mysql
  rack-openid (= 1.1.1)
  rails (= 2.3.8)
  ri_cal (= 0.8.8)!
  ruby-openid (= 2.1.7)
  ruby-openid-apps-discovery (= 1.2.0)
  scope-builder (= 0.1.2)
  shoulda (= 2.10.2)
  test-unit
